GIT
  remote: https://github.com/dhgwilliam/control_spec_helper.git
  revision: eee68114ab18c58b64e7c6a7b8e47865486c248f
  specs:
    control_spec_helper (0.0.3)
      git (~> 1.3)
      guard (~> 2.14)
      guard-rspec (~> 4.7)
      listen (= 3.1.1)
      mocha (~> 1.1)
      net-ssh (~> 3.1)
      puppet (~> 4.0)
      puppet-lint (~> 1.1)
      puppet-syntax (~> 2.1)
      r10k (~> 2.2)
      rake (~> 11.0)
      rspec-puppet (~> 2.4)
      rubocop (~> 0.39)

GEM
  remote: https://rubygems.org/
  specs:
    CFPropertyList (2.2.8)
    ast (2.3.0)
    augeas (0.6.4)
    beaker (1.0.0)
      blimpy
      fission
      inifile
      json
      net-scp
      net-ssh
      nokogiri (= 1.5.10)
      rbvmomi
      unf
    beaker-rspec (2.0.0)
      beaker
      rspec
    blimpy (0.6.7)
      fog
      minitar
      thor
    builder (3.2.2)
    coderay (1.1.1)
    colored (1.2)
    cri (2.6.1)
      colored (~> 1.2)
    diff-lcs (1.2.5)
    excon (0.31.0)
    facter (2.4.6)
      CFPropertyList (~> 2.2.6)
    facterdb (0.3.5)
      facter
      jgrep
    faraday (0.9.2)
      multipart-post (>= 1.2, < 3)
    faraday_middleware (0.10.0)
      faraday (>= 0.7.4, < 0.10)
    ffi (1.9.10)
    fission (0.5.0)
      CFPropertyList (~> 2.2)
    fog (1.19.0)
      builder
      excon (~> 0.31.0)
      formatador (~> 0.2.0)
      mime-types
      multi_json (~> 1.0)
      net-scp (~> 1.1)
      net-ssh (>= 2.1.3)
      nokogiri (~> 1.5)
      ruby-hmac
    formatador (0.2.5)
    git (1.3.0)
    guard (2.14.0)
      formatador (>= 0.2.4)
      listen (>= 2.7, < 4.0)
      lumberjack (~> 1.0)
      nenv (~> 0.1)
      notiffany (~> 0.0)
      pry (>= 0.9.12)
      shellany (~> 0.0)
      thor (>= 0.18.1)
    guard-compat (1.2.1)
    guard-rspec (4.7.2)
      guard (~> 2.1)
      guard-compat (~> 1.1)
      rspec (>= 2.99.0, < 4.0)
    hiera (3.2.0)
      json_pure
    inifile (3.0.0)
    jgrep (1.4.1)
      json
    json (1.8.3)
    json_pure (1.8.3)
    listen (3.1.1)
      rb-fsevent (>= 0.9.3)
      rb-inotify (>= 0.9.7)
    log4r (1.1.10)
    lumberjack (1.0.10)
    mcollective-client (2.8.4)
      json
      stomp
      systemu
    metaclass (0.0.4)
    method_source (0.8.2)
    mime-types (3.1)
      mime-types-data (~> 3.2015)
    mime-types-data (3.2016.0521)
    minitar (0.5.4)
    mocha (1.1.0)
      metaclass (~> 0.0.1)
    multi_json (1.12.1)
    multipart-post (2.0.0)
    nenv (0.3.0)
    net-scp (1.2.1)
      net-ssh (>= 2.6.5)
    net-ssh (3.2.0)
    nokogiri (1.5.10)
    notiffany (0.1.0)
      nenv (~> 0.1)
      shellany (~> 0.0)
    parser (2.3.1.2)
      ast (~> 2.2)
    powerpack (0.1.1)
    pry (0.10.3)
      coderay (~> 1.1.0)
      method_source (~> 0.8.1)
      slop (~> 3.4)
    puppet (4.5.2)
      CFPropertyList (~> 2.2.6)
      facter (> 2.0, < 4)
      hiera (>= 2.0, < 4)
      json_pure
    puppet-lint (1.1.0)
    puppet-lint-absolute_classname-check (0.2.4)
      puppet-lint (>= 1.0, < 3.0)
    puppet-lint-classes_and_types_beginning_with_digits-check (0.1.2)
      puppet-lint (>= 1.0, < 3.0)
    puppet-lint-leading_zero-check (0.1.1)
      puppet-lint (>= 1.0, < 3.0)
    puppet-lint-trailing_comma-check (0.3.2)
      puppet-lint (>= 1.0, < 3.0)
    puppet-lint-unquoted_string-check (0.3.0)
      puppet-lint (>= 1.0, < 3.0)
    puppet-lint-version_comparison-check (0.2.1)
      puppet-lint (>= 1.0, < 3.0)
    puppet-syntax (2.1.0)
      rake
    puppet_forge (2.2.1)
      faraday (~> 0.9.0)
      faraday_middleware (>= 0.9.0, < 0.11.0)
      minitar
      semantic_puppet (~> 0.1.0)
    puppetlabs_spec_helper (1.1.1)
      mocha
      puppet-lint
      puppet-syntax
      rake
      rspec-puppet
    r10k (2.3.0)
      colored (= 1.2)
      cri (~> 2.6.1)
      log4r (= 1.1.10)
      minitar
      multi_json (~> 1.10)
      puppet_forge (~> 2.2)
      semantic_puppet (~> 0.1.0)
    rainbow (2.1.0)
    rake (11.2.2)
    rb-fsevent (0.9.7)
    rb-inotify (0.9.7)
      ffi (>= 0.5.0)
    rbvmomi (1.8.2)
      builder
      nokogiri (>= 1.4.1)
      trollop
    rspec (3.4.0)
      rspec-core (~> 3.4.0)
      rspec-expectations (~> 3.4.0)
      rspec-mocks (~> 3.4.0)
    rspec-core (3.4.4)
      rspec-support (~> 3.4.0)
    rspec-expectations (3.4.0)
      diff-lcs (>= 1.2.0, < 2.0)
      rspec-support (~> 3.4.0)
    rspec-mocks (3.4.1)
      diff-lcs (>= 1.2.0, < 2.0)
      rspec-support (~> 3.4.0)
    rspec-puppet (2.4.0)
      rspec
    rspec-puppet-facts (1.6.1)
      facter
      facterdb (>= 0.3.0)
      json
      mcollective-client
      puppet
    rspec-support (3.4.1)
    rubocop (0.40.0)
      parser (>= 2.3.1.0, < 3.0)
      powerpack (~> 0.1)
      rainbow (>= 1.99.1, < 3.0)
      ruby-progressbar (~> 1.7)
      unicode-display_width (~> 1.0, >= 1.0.1)
    ruby-augeas (0.5.0)
    ruby-hmac (0.4.0)
    ruby-progressbar (1.8.1)
    semantic_puppet (0.1.3)
    shellany (0.0.1)
    slop (3.6.0)
    stomp (1.4.1)
    syck (1.1.0)
    systemu (2.6.5)
    thor (0.19.1)
    trollop (2.1.2)
    unf (0.1.4)
      unf_ext
    unf_ext (0.0.7.2)
    unicode-display_width (1.1.0)

PLATFORMS
  ruby

DEPENDENCIES
  augeas
  beaker-rspec
  control_spec_helper!
  guard
  guard-rspec
  mocha
  puppet (~> 4.5.2)
  puppet-lint
  puppet-lint-absolute_classname-check
  puppet-lint-classes_and_types_beginning_with_digits-check
  puppet-lint-leading_zero-check
  puppet-lint-trailing_comma-check
  puppet-lint-unquoted_string-check
  puppet-lint-version_comparison-check
  puppetlabs_spec_helper
  r10k
  rake
  rspec-puppet
  rspec-puppet-facts
  ruby-augeas
  syck

BUNDLED WITH
   1.12.5
